GEM
  remote: https://rubygems.org/
  specs:
    dalli (2.6.4)
    excon (0.62.0)
    heroku-api (0.4.3)
      excon (~> 0.45)
      multi_json (~> 1.8)
    json (1.7.7)
    mandrill-api (1.0.53)
      excon (>= 0.16.0, < 1.0)
      json (>= 1.7.7, < 2.0)
    multi_json (1.13.1)
    mustermann (1.0.2)
    rack (2.0.5)
    rack-protection (2.0.3)
      rack
    rufus-scheduler (3.0.7)
      tzinfo
    sinatra (2.0.3)
      mustermann (~> 1.0)
      rack (~> 2.0)
      rack-protection (= 2.0.3)
      tilt (~> 2.0)
    thread_safe (0.3.3)
    tilt (2.0.8)
    tzinfo (1.1.0)
      thread_safe (~> 0.1)

PLATFORMS
  ruby

DEPENDENCIES
  dalli
  heroku-api (>= 0.3.22)
  json (= 1.7.7)
  mandrill-api (>= 1.0.53)
  rufus-scheduler
  sinatra (~> 2.0.2)

BUNDLED WITH
   1.16.1
